GIT
  remote: git://github.com/opscode/omnibus-software.git
  revision: e91e67ec0ccc401645ee64604f57bb1a5f6784ca
  specs:
    omnibus-software (4.0.0)

GIT
  remote: git://github.com/opscode/omnibus.git
  revision: 94b293b711e3372e04c22f92974d2248a9e60330
  specs:
    omnibus (5.0.1)
      aws-sdk (~> 2)
      chef-sugar (~> 3.3)
      cleanroom (~> 1.0)
      mixlib-shellout (~> 2.0)
      mixlib-versioning
      ohai (~> 8.0)
      ruby-progressbar (~> 1.7)
      thor (~> 0.18)

GEM
  remote: https://rubygems.org/
  specs:
    aws-sdk (2.2.24)
      aws-sdk-resources (= 2.2.24)
    aws-sdk-core (2.2.24)
      jmespath (~> 1.0)
    aws-sdk-resources (2.2.24)
      aws-sdk-core (= 2.2.24)
    chef-config (12.7.2)
      mixlib-config (~> 2.0)
      mixlib-shellout (~> 2.0)
    chef-sugar (3.3.0)
    cleanroom (1.0.0)
    ffi (1.9.10)
    ffi-yajl (2.2.3)
      libyajl2 (~> 1.2)
    ipaddress (0.8.3)
    jmespath (1.1.3)
    libyajl2 (1.2.0)
    mixlib-cli (1.5.0)
    mixlib-config (2.2.1)
    mixlib-log (1.6.0)
    mixlib-shellout (2.2.6)
    mixlib-versioning (1.1.0)
    ohai (8.10.0)
      chef-config (>= 12.5.0.alpha.1, < 13)
      ffi (~> 1.9)
      ffi-yajl (~> 2.2)
      ipaddress
      mixlib-cli
      mixlib-config (~> 2.0)
      mixlib-log
      mixlib-shellout (~> 2.0)
      rake (~> 10.1)
      systemu (~> 2.6.4)
      wmi-lite (~> 1.0)
    rake (10.5.0)
    ruby-progressbar (1.7.5)
    systemu (2.6.5)
    thor (0.19.1)
    wmi-lite (1.0.0)

PLATFORMS
  ruby

DEPENDENCIES
  omnibus!
  omnibus-software!

BUNDLED WITH
   1.11.2
